PATH
  remote: ../../../rx/prefatory
  specs:
    prefatory (0.1.2)
      dry-configurable (~> 0.7.0)

PATH
  remote: ../../../rx/presenters
  specs:
    voom-presenters (0.2.1)
      dry-configurable (> 0.1, <= 7.0)
      dry-container (~> 0.6)
      dry-inflector (~> 0.1)
      filewatcher (~> 1.1.1)
      ice_nine (~> 0.11)
      nokogiri (>= 1.7.2)
      redcarpet (~> 3.4)
      sinatra (>= 1.4, < 3.0)
      tzinfo (~> 1.2)
      tzinfo-data (~> 1.2018)
      zeitwerk

PATH
  remote: .
  specs:
    screamin (0.1.1)
      dry-configurable (~> 0.7.0)
      prefatory (~> 0.1.2)

GEM
  remote: https://rubygems.org/
  specs:
    activejob (5.2.1.1)
      activesupport (= 5.2.1.1)
      globalid (>= 0.3.6)
    activesupport (5.2.1.1)
      concurrent-ruby (~> 1.0, >= 1.0.2)
      i18n (>= 0.7, < 2)
      minitest (~> 5.1)
      tzinfo (~> 1.1)
    coderay (1.1.2)
    concurrent-ruby (1.1.4)
    connection_pool (2.2.2)
    dalli (2.7.9)
    diff-lcs (1.3)
    docile (1.3.1)
    dry-configurable (0.7.0)
      concurrent-ruby (~> 1.0)
    dry-container (0.7.0)
      concurrent-ruby (~> 1.0)
      dry-configurable (~> 0.1, >= 0.1.3)
    dry-inflector (0.1.2)
    filewatcher (1.1.1)
      optimist (~> 3.0)
    globalid (0.4.1)
      activesupport (>= 4.2.0)
    i18n (1.1.1)
      concurrent-ruby (~> 1.0)
    ice_nine (0.11.2)
    json (2.1.0)
    method_source (0.9.2)
    mini_portile2 (2.4.0)
    minitest (5.11.3)
    mustermann (1.0.3)
    nokogiri (1.10.1)
      mini_portile2 (~> 2.4.0)
    optimist (3.0.0)
    pry (0.12.2)
      coderay (~> 1.1.0)
      method_source (~> 0.9.0)
    rack (2.0.6)
    rack-protection (2.0.5)
      rack
    rake (10.5.0)
    rake-compiler (1.0.5)
      rake
    redcarpet (3.4.0)
    redis (4.0.3)
    rspec (3.8.0)
      rspec-core (~> 3.8.0)
      rspec-expectations (~> 3.8.0)
      rspec-mocks (~> 3.8.0)
    rspec-core (3.8.0)
      rspec-support (~> 3.8.0)
    rspec-expectations (3.8.2)
      diff-lcs (>= 1.2.0, < 2.0)
      rspec-support (~> 3.8.0)
    rspec-mocks (3.8.0)
      diff-lcs (>= 1.2.0, < 2.0)
      rspec-support (~> 3.8.0)
    rspec-support (3.8.0)
    rspec_junit_formatter (0.4.1)
      rspec-core (>= 2, < 4, != 2.12.0)
    shotgun (0.9.2)
      rack (>= 1.0)
    sidekiq (5.2.3)
      connection_pool (~> 2.2, >= 2.2.2)
      rack-protection (>= 1.5.0)
      redis (>= 3.3.5, < 5)
    simplecov (0.16.1)
      docile (~> 1.1)
      json (>= 1.8, < 3)
      simplecov-html (~> 0.10.0)
    simplecov-html (0.10.2)
    sinatra (2.0.5)
      mustermann (~> 1.0)
      rack (~> 2.0)
      rack-protection (= 2.0.5)
      tilt (~> 2.0)
    thread_safe (0.3.6)
    tilt (2.0.9)
    tzinfo (1.2.5)
      thread_safe (~> 0.1)
    tzinfo-data (1.2018.9)
      tzinfo (>= 1.0.0)
    zeitwerk (1.3.1)

PLATFORMS
  ruby

DEPENDENCIES
  activejob
  bundler (~> 1.17)
  dalli
  prefatory!
  pry
  rake (~> 10.0)
  rake-compiler
  redis
  rspec (~> 3.0)
  rspec_junit_formatter
  screamin!
  shotgun
  sidekiq
  simplecov
  voom-presenters!

BUNDLED WITH
   1.17.3
